GEM
  remote: https://rubygems.org/
  specs:
    activesupport (4.2.7)
      i18n (~> 0.7)
      json (~> 1.7, >= 1.7.7)
      minitest (~> 5.1)
      thread_safe (~> 0.3, >= 0.3.4)
      tzinfo (~> 1.1)
    addressable (2.4.0)
    babosa (1.0.2)
    claide (1.0.0)
    cocoapods (1.1.0.beta.1)
      activesupport (>= 4.0.2, < 5)
      claide (>= 1.0.0, < 2.0)
      cocoapods-core (= 1.1.0.beta.1)
      cocoapods-deintegrate (>= 1.0.0, < 2.0)
      cocoapods-downloader (>= 1.1.0, < 2.0)
      cocoapods-plugins (>= 1.0.0, < 2.0)
      cocoapods-search (>= 1.0.0, < 2.0)
      cocoapods-stats (>= 1.0.0, < 2.0)
      cocoapods-trunk (>= 1.0.0, < 2.0)
      cocoapods-try (>= 1.1.0, < 2.0)
      colored (~> 1.2)
      escape (~> 0.0.4)
      fourflusher (~> 1.0.1)
      gh_inspector (~> 1.0)
      molinillo (~> 0.5.0)
      nap (~> 1.0)
      xcodeproj (>= 1.2.0, < 2.0)
    cocoapods-core (1.1.0.beta.1)
      activesupport (>= 4.0.2)
      fuzzy_match (~> 2.0.4)
      nap (~> 1.0)
    cocoapods-deintegrate (1.0.0)
    cocoapods-downloader (1.1.0)
    cocoapods-plugins (1.0.0)
      nap
    cocoapods-search (1.0.0)
    cocoapods-stats (1.0.0)
    cocoapods-trunk (1.0.0)
      nap (>= 0.8, < 2.0)
      netrc (= 0.7.8)
    cocoapods-try (1.1.0)
    colored (1.2)
    commander (4.3.5)
      highline (~> 1.7.2)
    credentials_manager (0.16.0)
      colored
      commander (>= 4.3.5)
      highline (>= 1.7.1)
      security
    escape (0.0.4)
    excon (0.45.4)
    fastimage (1.6.8)
      addressable (~> 2.3, >= 2.3.5)
    fastlane_core (0.50.1)
      babosa
      colored
      commander (= 4.3.5)
      credentials_manager (>= 0.16.0, < 1.0.0)
      excon (~> 0.45.0)
      gh_inspector (>= 1.0.1, < 2.0.0)
      highline (>= 1.7.2)
      json
      multi_json
      plist (~> 3.1)
      rubyzip (~> 1.1.6)
      terminal-table (~> 1.4.5)
    fourflusher (1.0.1)
    fuzzy_match (2.0.4)
    gh_inspector (1.0.2)
    highline (1.7.8)
    i18n (0.7.0)
    json (1.8.3)
    minitest (5.9.0)
    molinillo (0.5.0)
    multi_json (1.12.1)
    nap (1.1.0)
    netrc (0.7.8)
    plist (3.1.0)
    rouge (1.11.1)
    rubyzip (1.1.7)
    security (0.1.3)
    snapshot (1.13.1)
      fastimage (~> 1.6.3)
      fastlane_core (>= 0.50.0, < 1.0.0)
      plist (~> 3.1.0)
      xcpretty (>= 0.2.1)
    terminal-table (1.4.5)
    thread_safe (0.3.5)
    tzinfo (1.2.2)
      thread_safe (~> 0.1)
    xcodeproj (1.2.0)
      activesupport (>= 3)
      claide (>= 1.0.0, < 2.0)
      colored (~> 1.2)
    xcpretty (0.2.2)
      rouge (~> 1.8)

PLATFORMS
  ruby

DEPENDENCIES
  cocoapods (~> 1.1.0.beta.1)
  snapshot

BUNDLED WITH
   1.12.5
